GEM
  remote: https://rubygems.org/
  specs:
    activesupport (5.1.2)
      concurrent-ruby (~> 1.0, >= 1.0.2)
      i18n (~> 0.7)
      minitest (~> 5.1)
      tzinfo (~> 1.1)
    concurrent-ruby (1.0.5)
    ffi (1.9.18)
    hidapi (0.1.9)
      i18n
      libusb (~> 0.5.1)
    i18n (0.8.6)
    libusb (0.5.1)
      ffi (>= 1.0)
    minitest (5.10.2)
    nokogiri (1.6.8.1)
    thread_safe (0.3.6)
    tzinfo (1.2.3)
      thread_safe (~> 0.1)

PLATFORMS
  ruby

DEPENDENCIES
  activesupport
  hidapi
  nokogiri

BUNDLED WITH
   1.15.1
